GIT
  remote: https://github.com/factor-io/factor.git
  revision: 94cc6c8e9e7fd2cd2f501ac20f8fc45ebc3e0166
  branch: agentless
  specs:
    factor (2.9.03)
      commander (~> 4.3, >= 4.3.0)
      configatron (~> 4.5, >= 4.5.0)
      rainbow (~> 2.0, >= 2.0.0)
      rest-client (~> 1.8, >= 1.8.0)
      rspec (~> 3.2, >= 3.2.0)
      wrong (~> 0.7.1)

PATH
  remote: .
  specs:
    factor-connector-timer (3.0.0)
      rufus-scheduler (~> 3.1.0)

GEM
  remote: https://rubygems.org/
  specs:
    codeclimate-test-reporter (0.4.7)
      simplecov (>= 0.7.1, < 1.0.0)
    commander (4.3.2)
      highline (~> 1.7.1)
    configatron (4.5.0)
    diff-lcs (1.2.5)
    docile (1.1.5)
    domain_name (0.5.24)
      unf (>= 0.0.5, < 1.0.0)
    highline (1.7.1)
    http-cookie (1.0.2)
      domain_name (~> 0.5)
    mime-types (2.4.3)
    multi_json (1.11.0)
    netrc (0.10.3)
    predicated (0.2.6)
    rainbow (2.0.0)
    rake (10.4.2)
    rest-client (1.8.0)
      http-cookie (>= 1.0.2, < 2.0)
      mime-types (>= 1.16, < 3.0)
      netrc (~> 0.7)
    rspec (3.2.0)
      rspec-core (~> 3.2.0)
      rspec-expectations (~> 3.2.0)
      rspec-mocks (~> 3.2.0)
    rspec-core (3.2.3)
      rspec-support (~> 3.2.0)
    rspec-expectations (3.2.1)
      diff-lcs (>= 1.2.0, < 2.0)
      rspec-support (~> 3.2.0)
    rspec-mocks (3.2.1)
      diff-lcs (>= 1.2.0, < 2.0)
      rspec-support (~> 3.2.0)
    rspec-support (3.2.2)
    ruby2ruby (2.1.4)
      ruby_parser (~> 3.1)
      sexp_processor (~> 4.0)
    ruby_parser (3.6.6)
      sexp_processor (~> 4.1)
    rufus-scheduler (3.1.0)
    sexp_processor (4.5.0)
    simplecov (0.9.2)
      docile (~> 1.1.0)
      multi_json (~> 1.0)
      simplecov-html (~> 0.9.0)
    simplecov-html (0.9.0)
    unf (0.1.4)
      unf_ext
    unf_ext (0.0.7.1)
    wrong (0.7.1)
      diff-lcs (~> 1.2.5)
      predicated (~> 0.2.6)
      ruby2ruby (>= 2.0.1)
      ruby_parser (>= 3.0.1)
      sexp_processor (>= 4.0)

PLATFORMS
  ruby

DEPENDENCIES
  codeclimate-test-reporter (~> 0.4.7)
  factor!
  factor-connector-timer!
  rake (~> 10.4.2)
  rspec (~> 3.2.0)
